PATH
  remote: .
  specs:
    lamby (0.2.0)
      activesupport
      rack

GEM
  remote: https://rubygems.org/
  specs:
    activesupport (5.2.2)
      concurrent-ruby (~> 1.0, >= 1.0.2)
      i18n (>= 0.7, < 2)
      minitest (~> 5.1)
      tzinfo (~> 1.1)
    aws-eventstream (1.0.2)
    aws-partitions (1.146.0)
    aws-sdk-core (3.48.2)
      aws-eventstream (~> 1.0, >= 1.0.2)
      aws-partitions (~> 1.0)
      aws-sigv4 (~> 1.1)
      jmespath (~> 1.0)
    aws-sdk-ssm (1.41.0)
      aws-sdk-core (~> 3, >= 3.48.2)
      aws-sigv4 (~> 1.1)
    aws-sigv4 (1.1.0)
      aws-eventstream (~> 1.0, >= 1.0.2)
    concurrent-ruby (1.1.4)
    i18n (1.6.0)
      concurrent-ruby (~> 1.0)
    jmespath (1.4.0)
    metaclass (0.0.4)
    minitest (5.11.3)
    mocha (1.8.0)
      metaclass (~> 0.0.1)
    rack (2.0.6)
    rake (12.3.2)
    thread_safe (0.3.6)
    tzinfo (1.2.5)
      thread_safe (~> 0.1)

PLATFORMS
  ruby

DEPENDENCIES
  aws-sdk-ssm
  bundler
  lamby!
  minitest
  mocha
  rake

BUNDLED WITH
   1.17.3
